PATH
  remote: .
  specs:
    api_smith (0.0.1)
      hashie (~> 1.0)
      httparty

GEM
  remote: http://rubygems.org/
  specs:
    awesome_print (0.3.2)
    bluecloth (2.0.11)
    builder (3.0.0)
    ci_reporter (1.6.4)
      builder (>= 2.1.2)
    columnize (0.3.2)
    configuration (1.2.0)
    crack (0.1.8)
    diff-lcs (1.1.2)
    fuubar (0.0.3)
      rspec (~> 2.0)
      rspec-instafail (~> 0.1.4)
      ruby-progressbar (~> 0.0.9)
    growl (1.0.3)
    guard (0.3.0)
      open_gem (~> 1.4.2)
      thor (~> 0.14.6)
    guard-rspec (0.2.0)
      guard (>= 0.2.2)
    hashie (1.0.0)
    httparty (0.7.4)
      crack (= 0.1.8)
    json (1.5.1)
    launchy (0.3.7)
      configuration (>= 0.0.5)
      rake (>= 0.8.1)
    linecache (0.43)
    open_gem (1.4.2)
      launchy (~> 0.3.5)
    rake (0.8.7)
    rb-fsevent (0.3.10)
    rcov (0.9.9)
    rr (1.0.2)
    rspec (2.5.0)
      rspec-core (~> 2.5.0)
      rspec-expectations (~> 2.5.0)
      rspec-mocks (~> 2.5.0)
    rspec-core (2.5.1)
    rspec-expectations (2.5.0)
      diff-lcs (~> 1.1.2)
    rspec-instafail (0.1.6)
    rspec-mocks (2.5.0)
    ruby-debug (0.10.4)
      columnize (>= 0.1)
      ruby-debug-base (~> 0.10.4.0)
    ruby-debug-base (0.10.4)
      linecache (>= 0.3)
    ruby-progressbar (0.0.9)
    thor (0.14.6)
    yard (0.6.4)

PLATFORMS
  ruby

DEPENDENCIES
  api_smith!
  awesome_print
  bluecloth
  ci_reporter (~> 1.6.3)
  fuubar
  growl
  guard
  guard-rspec
  json
  rb-fsevent
  rcov
  rr
  rspec (~> 2.0)
  ruby-debug
  yard
