PATH
  remote: .
  specs:
    api_smith (2.0.0.pre)
      faraday
      hashie (~> 1.0)
      multi_json

GEM
  remote: http://rubygems.org/
  specs:
    awesome_print (0.4.0)
    columnize (0.3.6)
    debugger (1.2.1)
      columnize (>= 0.3.1)
      debugger-linecache (~> 1.1.1)
      debugger-ruby_core_source (~> 1.1.4)
    debugger-linecache (1.1.2)
      debugger-ruby_core_source (>= 1.1.1)
    debugger-ruby_core_source (1.1.4)
    diff-lcs (1.1.2)
    faraday (0.8.4)
      multipart-post (~> 1.1)
    fuubar (0.0.5)
      rspec (~> 2.0)
      rspec-instafail (~> 0.1.4)
      ruby-progressbar (~> 0.0.10)
    hashie (1.2.0)
    json (1.5.3)
    multi_json (1.3.6)
    multipart-post (1.1.5)
    rack (1.3.0)
    rack-test (0.6.1)
      rack (>= 1.0)
    rake (0.8.7)
    rr (1.0.2)
    rspec (2.6.0)
      rspec-core (~> 2.6.0)
      rspec-expectations (~> 2.6.0)
      rspec-mocks (~> 2.6.0)
    rspec-core (2.6.4)
    rspec-expectations (2.6.0)
      diff-lcs (~> 1.1.2)
    rspec-instafail (0.1.8)
    rspec-mocks (2.6.0)
    ruby-progressbar (0.0.10)
    sinatra (1.2.6)
      rack (~> 1.1)
      tilt (>= 1.2.2, < 2.0)
    tilt (1.3.2)

PLATFORMS
  ruby

DEPENDENCIES
  api_smith!
  awesome_print
  debugger
  fuubar
  json
  rack-test
  rake
  rr
  rspec (~> 2.0)
  sinatra
