GIT
  remote: git://github.com/thefrontiergroup/hashie.git
  revision: ef366e25b60955bbbf61b28febafe5c5e95b8cdc
  specs:
    hashie (0.4.0)

PATH
  remote: .
  specs:
    api_smith (0.0.1)
      hashie
      httparty

GEM
  remote: http://rubygems.org/
  specs:
    ZenTest (4.4.2)
    addressable (2.2.2)
    awesome_print (0.3.1)
    bluecloth (2.0.10)
    columnize (0.3.2)
    crack (0.1.8)
    daemons (1.0.10)
    diff-lcs (1.1.2)
    fuubar (0.0.3)
      rspec (~> 2.0)
      rspec-instafail (~> 0.1.4)
      ruby-progressbar (~> 0.0.9)
    gem_plugin (0.2.3)
    httparty (0.7.1)
      crack (= 0.1.8)
      crack (= 0.1.8)
      httparty
      mongrel (= 1.2.0.pre2)
    json (1.4.6)
    linecache (0.43)
    mongrel (1.2.0.pre2)
      daemons (~> 1.0.10)
      gem_plugin (~> 0.2.3)
    rdoc (3.4)
    rr (1.0.2)
    rspec (2.4.0)
      rspec-core (~> 2.4.0)
      rspec-expectations (~> 2.4.0)
      rspec-mocks (~> 2.4.0)
    rspec-core (2.4.0)
    rspec-expectations (2.4.0)
      diff-lcs (~> 1.1.2)
    rspec-instafail (0.1.5)
    rspec-mocks (2.4.0)
    ruby-debug (0.10.4)
      columnize (>= 0.1)
      ruby-debug-base (~> 0.10.4.0)
    ruby-debug-base (0.10.4)
      linecache (>= 0.3)
    ruby-progressbar (0.0.9)
    webmock (1.6.1)
      addressable (>= 2.2.2)
      crack (>= 0.1.7)
    yard (0.6.4)

PLATFORMS
  ruby

DEPENDENCIES
  ZenTest
  api_smith!
  awesome_print
  bluecloth
  fuubar
  hashie!
  json
  rdoc
  rr
  rspec (~> 2.0)
  ruby-debug
  webmock
  yard
