PATH
  remote: .
  specs:
    api_smith (1.2.0)
      hashie (>= 1.0, < 3.0)
      httparty

GEM
  remote: https://rubygems.org/
  specs:
    awesome_print (0.4.0)
    bluecloth (2.1.0)
    diff-lcs (1.1.2)
    fuubar (0.0.5)
      rspec (~> 2.0)
      rspec-instafail (~> 0.1.4)
      ruby-progressbar (~> 0.0.10)
    hashie (2.0.5)
    httparty (0.11.0)
      multi_json (~> 1.0)
      multi_xml (>= 0.5.2)
    json (1.5.3)
    multi_json (1.7.7)
    multi_xml (0.5.4)
    rack (1.3.0)
    rake (0.8.7)
    rr (1.0.2)
    rspec (2.6.0)
      rspec-core (~> 2.6.0)
      rspec-expectations (~> 2.6.0)
      rspec-mocks (~> 2.6.0)
    rspec-core (2.6.4)
    rspec-expectations (2.6.0)
      diff-lcs (~> 1.1.2)
    rspec-instafail (0.1.8)
    rspec-mocks (2.6.0)
    ruby-progressbar (0.0.10)
    sham_rack (1.3.3)
      rack
    sinatra (1.2.6)
      rack (~> 1.1)
      tilt (>= 1.2.2, < 2.0)
    tilt (1.3.2)
    yard (0.7.2)

PLATFORMS
  ruby

DEPENDENCIES
  api_smith!
  awesome_print
  bluecloth
  fuubar
  hashie (~> 2.0)
  json
  rake
  rr
  rspec
  sham_rack
  sinatra
  yard
