PATH
  remote: .
  specs:
    api_smith (1.2.0)
      hashie (>= 1.0, < 3.0)
      httparty

GEM
  remote: https://rubygems.org/
  specs:
    awesome_print (0.4.0)
    diff-lcs (1.1.2)
    hashie (1.2.0)
    httparty (0.21.0)
      mini_mime (>= 1.0.0)
      multi_xml (>= 0.5.2)
    json (1.5.3)
    mini_mime (1.1.2)
    multi_xml (0.6.0)
    rack (1.3.0)
    rake (10.1.0)
    rr (1.0.2)
    rspec (2.6.0)
      rspec-core (~> 2.6.0)
      rspec-expectations (~> 2.6.0)
      rspec-mocks (~> 2.6.0)
    rspec-core (2.6.4)
    rspec-expectations (2.6.0)
      diff-lcs (~> 1.1.2)
    rspec-mocks (2.6.0)
    sham_rack (1.3.3)
      rack
    sinatra (1.2.6)
      rack (~> 1.1)
      tilt (>= 1.2.2, < 2.0)
    tilt (1.3.2)

PLATFORMS
  ruby

DEPENDENCIES
  api_smith!
  awesome_print
  hashie (~> 1.0)
  json
  rake
  rr
  rspec
  sham_rack
  sinatra
