PATH
  remote: .
  specs:
    api_smith (1.1.0)
      hashie (~> 1.0)
      httparty
      net-http-persistent

GEM
  remote: http://rubygems.org/
  specs:
    awesome_print (0.4.0)
    bluecloth (2.1.0)
    builder (3.0.0)
    ci_reporter (1.6.5)
      builder (>= 2.1.2)
    columnize (0.3.3)
    diff-lcs (1.1.2)
    fuubar (0.0.5)
      rspec (~> 2.0)
      rspec-instafail (~> 0.1.4)
      ruby-progressbar (~> 0.0.10)
    growl (1.0.3)
    guard (0.4.2)
      thor (~> 0.14.6)
    guard-rspec (0.4.0)
      guard (>= 0.4.0)
    hashie (1.2.0)
    httparty (0.8.1)
      multi_json
      multi_xml
    json (1.5.3)
    linecache (0.46)
      rbx-require-relative (> 0.0.4)
    multi_json (1.0.4)
    multi_xml (0.4.1)
    net-http-persistent (2.5.2)
    rack (1.3.0)
    rake (0.8.7)
    rb-fsevent (0.4.0)
    rbx-require-relative (0.0.5)
    rcov (0.9.9)
    rr (1.0.2)
    rspec (2.6.0)
      rspec-core (~> 2.6.0)
      rspec-expectations (~> 2.6.0)
      rspec-mocks (~> 2.6.0)
    rspec-core (2.6.4)
    rspec-expectations (2.6.0)
      diff-lcs (~> 1.1.2)
    rspec-instafail (0.1.8)
    rspec-mocks (2.6.0)
    ruby-debug (0.10.4)
      columnize (>= 0.1)
      ruby-debug-base (~> 0.10.4.0)
    ruby-debug-base (0.10.4)
      linecache (>= 0.3)
    ruby-progressbar (0.0.10)
    sham_rack (1.3.3)
      rack
    sinatra (1.2.6)
      rack (~> 1.1)
      tilt (< 2.0, >= 1.2.2)
    thor (0.14.6)
    tilt (1.3.2)
    yard (0.7.2)

PLATFORMS
  ruby

DEPENDENCIES
  api_smith!
  awesome_print
  bluecloth
  ci_reporter (~> 1.6.3)
  fuubar
  growl
  guard
  guard-rspec
  json
  rake
  rb-fsevent
  rcov
  rr
  rspec (~> 2.0)
  ruby-debug
  sham_rack
  sinatra
  yard
